PATH
  remote: .
  specs:
    comma (3.2.1)
      activesupport (>= 3.0.0)

GEM
  remote: http://rubygems.org/
  specs:
    activesupport (5.2.1)
      concurrent-ruby (~> 1.0, >= 1.0.2)
      i18n (>= 0.7, < 2)
      minitest (~> 5.1)
      tzinfo (~> 1.1)
    appraisal (0.4.1)
      bundler
      rake
    concurrent-ruby (1.0.5)
    diff-lcs (1.1.3)
    docile (1.3.1)
    fastercsv (1.5.5)
    i18n (1.1.0)
      concurrent-ruby (~> 1.0)
    json (2.1.0)
    minitest (5.11.3)
    rake (0.9.6)
    rspec (2.8.0)
      rspec-core (~> 2.8.0)
      rspec-expectations (~> 2.8.0)
      rspec-mocks (~> 2.8.0)
    rspec-core (2.8.0)
    rspec-expectations (2.8.0)
      diff-lcs (~> 1.1.2)
    rspec-mocks (2.8.0)
    simplecov (0.16.1)
      docile (~> 1.1)
      json (>= 1.8, < 3)
      simplecov-html (~> 0.10.0)
    simplecov-html (0.10.2)
    sqlite3 (1.3.13)
    thread_safe (0.3.6)
    tzinfo (1.2.5)
      thread_safe (~> 0.1)

PLATFORMS
  ruby

DEPENDENCIES
  appraisal (~> 0.4.1)
  comma!
  fastercsv
  rake (~> 0.9.2)
  rspec (~> 2.8.0)
  simplecov
  sqlite3 (~> 1.3.4)

BUNDLED WITH
   1.16.1
